GEM
  remote: https://rubygems.org/
  specs:
    activesupport-core-ext (4.0.0.2)
      i18n (~> 0.6, >= 0.6.4)
      multi_json (~> 1.3)
      thread_safe (~> 0.1)
      tzinfo (~> 0.3.37)
    atomic (1.1.14)
    colorize (0.5.8)
    erubis (2.7.0)
    hash-deep-merge (0.1.1)
    hirb (0.7.1)
    hoe (3.7.1)
      rake (>= 0.8, < 11.0)
    i18n (0.6.5)
    minitest (5.0.8)
    minitest-debugger (1.0.2)
      minitest (~> 5.0)
    multi_json (1.8.0)
    rake (10.1.0)
    simplecov (0.7.1)
      multi_json (~> 1.0)
      simplecov-html (~> 0.7.1)
    simplecov-console (0.1.1)
      colorize
      hirb
      simplecov
    simplecov-html (0.7.1)
    thread_safe (0.1.3)
      atomic
    tzinfo (0.3.37)

PLATFORMS
  ruby

DEPENDENCIES
  activesupport-core-ext
  erubis
  hash-deep-merge
  hoe
  minitest (~> 5)
  minitest-debugger
  simplecov
  simplecov-console
