GEM
  remote: https://rubygems.org/
  specs:
    activesupport (4.0.0)
      i18n (~> 0.6, >= 0.6.4)
      minitest (~> 4.2)
      multi_json (~> 1.3)
      thread_safe (~> 0.1)
      tzinfo (~> 0.3.37)
    atomic (1.1.13)
    erubis (2.7.0)
    facets (2.9.3)
    hash-deep-merge (0.1.1)
    i18n (0.6.5)
    minitest (4.7.5)
    multi_json (1.7.9)
    thread_safe (0.1.2)
      atomic
    tzinfo (0.3.37)

PLATFORMS
  ruby

DEPENDENCIES
  activesupport
  erubis
  facets
  hash-deep-merge
  minitest (~> 4)
